GEM
  remote: https://rubygems.org/
  specs:
    coderay (1.1.0)
    colorize (0.5.8)
    gherkin-ruby (0.3.1)
      racc
    method_source (0.8.2)
    minitest (5.2.0)
    pry (0.9.12.4)
      coderay (~> 1.0)
      method_source (~> 0.8)
      slop (~> 3.4)
    racc (1.4.10)
    rack (1.5.2)
    rack-protection (1.5.1)
      rack
    rack-test (0.6.2)
      rack (>= 1.0)
    shotgun (0.9)
      rack (>= 1.0)
    sinatra (1.4.4)
      rack (~> 1.4)
      rack-protection (~> 1.4)
      tilt (~> 1.3, >= 1.3.4)
    slop (3.4.7)
    spinach (0.8.7)
      colorize (= 0.5.8)
      gherkin-ruby (>= 0.3.1)
    tilt (1.4.1)

PLATFORMS
  ruby

DEPENDENCIES
  minitest (~> 5.2)
  pry
  rack-test (~> 0.6)
  shotgun
  sinatra (~> 1.4)
  spinach (~> 0.8)
